PATH
  remote: .
  specs:
    test-project (1.0.0)
      rack (>= 2.0.8, < 2.3.0)
      signet (~> 0.8.1)

GEM
  remote: https://rubygems.org/
  specs:
    addressable (2.7.0)
      public_suffix (>= 2.0.2, < 5.0)
    diff-lcs (1.3)
    faraday (0.17.3)
      multipart-post (>= 1.2, < 3)
    jwt (2.2.1)
    multi_json (1.14.1)
    multipart-post (2.1.1)
    public_suffix (4.0.5)
    rack (2.2.3)
    rspec (3.7.0)
      rspec-core (~> 3.7.0)
      rspec-expectations (~> 3.7.0)
      rspec-mocks (~> 3.7.0)
    rspec-core (3.7.1)
      rspec-support (~> 3.7.0)
    rspec-expectations (3.7.0)
      diff-lcs (>= 1.2.0, < 2.0)
      rspec-support (~> 3.7.0)
    rspec-mocks (3.7.0)
      diff-lcs (>= 1.2.0, < 2.0)
      rspec-support (~> 3.7.0)
    rspec-support (3.7.1)
    signet (0.8.1)
      addressable (~> 2.3)
      faraday (~> 0.9)
      jwt (>= 1.5, < 3.0)
      multi_json (~> 1.10)

PLATFORMS
  ruby
  x64-mingw32

DEPENDENCIES
  rspec
  test-project!
